PATH
  remote: .
  specs:
    foundry (0.0.1)
      ansi
      furnace (= 0.4.0.beta.2)
      json
      parser (= 2.0.0.beta.5)
      ruby-llvm (= 3.2.0.beta.1)
      trollop

PATH
  remote: ../furnace
  specs:
    furnace (0.4.0.beta.2)
      ansi

PATH
  remote: ../ruby-llvm
  specs:
    ruby-llvm (3.2.0.beta.1)
      ffi (~> 1.7)

GEM
  remote: https://rubygems.org/
  specs:
    ansi (1.4.3)
    ast (1.0.2)
    coderay (1.0.9)
    diff-lcs (1.2.1)
    ffi (1.8.1)
    ffi (1.8.1-java)
    json (1.8.0)
    method_source (0.8.1)
    multi_json (1.6.1)
    parser (2.0.0.beta5)
      ast (~> 1.0)
      slop (~> 3.4)
    pry (0.9.12)
      coderay (~> 1.0.5)
      method_source (~> 0.8)
      slop (~> 3.4)
    pry (0.9.12-java)
      coderay (~> 1.0.5)
      method_source (~> 0.8)
      slop (~> 3.4)
      spoon (~> 0.0)
    rake (10.0.3)
    rspec (2.13.0)
      rspec-core (~> 2.13.0)
      rspec-expectations (~> 2.13.0)
      rspec-mocks (~> 2.13.0)
    rspec-core (2.13.1)
    rspec-expectations (2.13.0)
      diff-lcs (>= 1.1.3, < 2.0)
    rspec-mocks (2.13.0)
    simplecov (0.7.1)
      multi_json (~> 1.0)
      simplecov-html (~> 0.7.1)
    simplecov-html (0.7.1)
    slop (3.4.4)
    spoon (0.0.1)
    trollop (2.0)

PLATFORMS
  java
  ruby

DEPENDENCIES
  foundry!
  furnace!
  pry
  rake (~> 10.0)
  rspec
  ruby-llvm!
  simplecov
