GIT
  remote: git://github.com/whitequark/furnace.git
  revision: dc9acecd3d0f56c7056f4b6cff15d3dfbb8d77cf
  branch: master
  specs:
    furnace (0.4.0.beta.1)
      ansi

GIT
  remote: git://github.com/whitequark/warbler.git
  revision: 9c5e65d337b2d80b7e03e922fef24205000a56ab
  specs:
    warbler (1.3.6)
      jruby-jars (>= 1.4.0)
      jruby-rack (>= 1.0.0)
      rake (>= 0.8.7)
      rubyzip (>= 0.9.4)

PATH
  remote: .
  specs:
    foundry (0.0.1)
      ansi
      foundry-ruby_parser (= 3.1.1)
      furnace (= 0.4.0.beta.1)
      json
      ruby-llvm (= 3.2.0.beta.1)
      trollop

GEM
  remote: https://rubygems.org/
  specs:
    activesupport (3.2.12)
      i18n (~> 0.6)
      multi_json (~> 1.0)
    ansi (1.4.3)
    chunky_png (1.2.7)
    coderay (1.0.9)
    coffee-script (2.2.0)
      coffee-script-source
      execjs
    coffee-script-source (1.6.1)
    compass (0.12.2)
      chunky_png (~> 1.2)
      fssm (>= 0.2.7)
      sass (~> 3.1)
    diff-lcs (1.2.1)
    execjs (1.4.0)
      multi_json (~> 1.0)
    ffi (1.3.1)
    ffi (1.3.1-java)
    foundry-ruby_parser (3.1.1)
      sexp_processor (~> 4.1)
    fssm (0.2.10)
    furnace-xray (1.0.0)
      activesupport
      coffee-script
      compass
      haml
      sass
      sinatra
      sinatra-sprockets-ext
      sprockets (~> 2.0.0)
      sprockets-sass
      sprockets-vendor_gems
      trollop
    haml (4.0.0)
      tilt
    hike (1.2.1)
    i18n (0.6.4)
    jruby-jars (1.7.3)
    jruby-rack (1.1.13.1)
    json (1.7.7)
    json (1.7.7-java)
    method_source (0.8.1)
    multi_json (1.6.1)
    pry (0.9.12)
      coderay (~> 1.0.5)
      method_source (~> 0.8)
      slop (~> 3.4)
    pry (0.9.12-java)
      coderay (~> 1.0.5)
      method_source (~> 0.8)
      slop (~> 3.4)
      spoon (~> 0.0)
    rack (1.5.2)
    rack-protection (1.5.0)
      rack
    rake (10.0.3)
    rspec (2.13.0)
      rspec-core (~> 2.13.0)
      rspec-expectations (~> 2.13.0)
      rspec-mocks (~> 2.13.0)
    rspec-core (2.13.1)
    rspec-expectations (2.13.0)
      diff-lcs (>= 1.1.3, < 2.0)
    rspec-mocks (2.13.0)
    ruby-llvm (3.2.0.beta.1)
      ffi (~> 1.3.1)
    rubyzip (0.9.9)
    sass (3.2.7)
    sexp_processor (4.1.5)
    simplecov (0.7.1)
      multi_json (~> 1.0)
      simplecov-html (~> 0.7.1)
    simplecov-html (0.7.1)
    sinatra (1.4.1)
      rack (~> 1.5, >= 1.5.2)
      rack-protection (~> 1.4)
      tilt (~> 1.3, >= 1.3.4)
    sinatra-sprockets-ext (0.0.5)
      sprockets
    slop (3.4.4)
    spoon (0.0.1)
    sprockets (2.0.4)
      hike (~> 1.2)
      rack (~> 1.0)
      tilt (~> 1.1, != 1.3.0)
    sprockets-sass (0.9.1)
      sprockets (~> 2.0)
      tilt (~> 1.1)
    sprockets-vendor_gems (0.1.3)
      sprockets
    tilt (1.3.5)
    trollop (2.0)

PLATFORMS
  java
  ruby

DEPENDENCIES
  foundry!
  furnace!
  furnace-xray (~> 1.0)
  pry
  rake (~> 10.0)
  rspec
  simplecov
  warbler!
